PATH
  remote: .
  specs:
    fresh_redis (0.0.2)
      redis

GEM
  remote: https://rubygems.org/
  specs:
    diff-lcs (1.1.3)
    mock_redis (0.5.2)
    redis (3.0.1)
    rspec (2.11.0)
      rspec-core (~> 2.11.0)
      rspec-expectations (~> 2.11.0)
      rspec-mocks (~> 2.11.0)
    rspec-core (2.11.1)
    rspec-expectations (2.11.3)
      diff-lcs (~> 1.1.3)
    rspec-mocks (2.11.3)

PLATFORMS
  ruby

DEPENDENCIES
  fresh_redis!
  mock_redis (= 0.5.2)
  rspec
