PATH
  remote: .
  specs:
    fresh_redis (0.0.5)
      redis

GEM
  remote: https://rubygems.org/
  specs:
    diff-lcs (1.1.3)
    ffi (1.1.5)
    guard (1.4.0)
      listen (>= 0.4.2)
      thor (>= 0.14.6)
    guard-rspec (2.1.0)
      guard (>= 1.1)
      rspec (~> 2.11)
    listen (0.5.3)
    mock_redis (0.5.2)
    rake (0.9.2.2)
    rb-fsevent (0.9.2)
    rb-inotify (0.8.8)
      ffi (>= 0.5.0)
    redis (3.0.2)
    rspec (2.11.0)
      rspec-core (~> 2.11.0)
      rspec-expectations (~> 2.11.0)
      rspec-mocks (~> 2.11.0)
    rspec-core (2.11.1)
    rspec-expectations (2.11.3)
      diff-lcs (~> 1.1.3)
    rspec-mocks (2.11.3)
    thor (0.16.0)
    timecop (0.5.2)

PLATFORMS
  ruby

DEPENDENCIES
  fresh_redis!
  guard-rspec (= 2.1.0)
  mock_redis (= 0.5.2)
  rake (= 0.9.2.2)
  rb-fsevent
  rb-inotify
  rspec
  timecop (= 0.5.2)
